PATH
  remote: .
  specs:
    date_iterator (1.0.0)

GEM
  remote: https://rubygems.org/
  specs:
    rake (10.4.2)

PLATFORMS
  ruby

DEPENDENCIES
  bundler (~> 1.5)
  date_iterator!
  rake
